PATH
  remote: .
  specs:
    koda-content (0.0.12)
      bson_ext
      dalli
      json
      mongo
      rack-methodoverride-with-params
      rest-client
      shared-mime-info
      sinatra
      sinatra-jsonp

GEM
  remote: https://rubygems.org/
  specs:
    bson (1.8.3)
    bson_ext (1.8.3)
      bson (~> 1.8.3)
    dalli (2.6.2)
    diff-lcs (1.2.1)
    json (1.7.7)
    mime-types (1.21)
    mongo (1.8.3)
      bson (~> 1.8.3)
    multi_json (1.3.7)
    rack (1.5.2)
    rack-methodoverride-with-params (1.0.0)
      rack (~> 1)
    rack-protection (1.4.0)
      rack
    rack-test (0.6.2)
      rack (>= 1.0)
    rest-client (1.6.7)
      mime-types (>= 1.16)
    rspec (2.13.0)
      rspec-core (~> 2.13.0)
      rspec-expectations (~> 2.13.0)
      rspec-mocks (~> 2.13.0)
    rspec-core (2.13.0)
    rspec-expectations (2.13.0)
      diff-lcs (>= 1.1.3, < 2.0)
    rspec-mocks (2.13.0)
    shared-mime-info (0.1)
    shotgun (0.9)
      rack (>= 1.0)
    sinatra (1.3.5)
      rack (~> 1.4)
      rack-protection (~> 1.3)
      tilt (~> 1.3, >= 1.3.3)
    sinatra-jsonp (0.4.1)
      multi_json (~> 1.3.7)
      sinatra (~> 1.0)
    tilt (1.3.5)
    watchr (0.7)

PLATFORMS
  ruby

DEPENDENCIES
  koda-content!
  rack-test
  rspec (>= 2.8)
  shotgun
  watchr
